PATH
  remote: .
  specs:
    crew (0.0.1)
      json (~> 1.8.1)
      net-scp (~> 1.1.2)
      net-ssh (~> 2.7.0)
      nokogiri (~> 1.6.0)
      pry (~> 0.9.12.2)
      rainbow (~> 1.1.4)
      trollop (= 2.0)

GEM
  remote: https://rubygems.org/
  specs:
    coderay (1.1.0)
    json (1.8.1)
    metaclass (0.0.1)
    method_source (0.8.2)
    mini_portile (0.5.2)
    minitest (5.0.8)
    mocha (0.14.0)
      metaclass (~> 0.0.1)
    net-scp (1.1.2)
      net-ssh (>= 2.6.5)
    net-ssh (2.7.0)
    nokogiri (1.6.0)
      mini_portile (~> 0.5.0)
    pry (0.9.12.4)
      coderay (~> 1.0)
      method_source (~> 0.8)
      slop (~> 3.4)
    rainbow (1.1.4)
    rake (10.1.0)
    slop (3.4.7)
    trollop (2.0)

PLATFORMS
  ruby

DEPENDENCIES
  bundler (~> 1.3)
  crew!
  minitest
  mocha (~> 0.14.0)
  rake
